GIT
  remote: https://github.com/jasoncolburne/jason-math
  revision: c24c7317f5c1e09c838eb64e2bb6ab83046e35dc
  branch: main
  specs:
    jason-math (0.1.0)
      rb_heap
      securerandom

GEM
  remote: https://rubygems.org/
  specs:
    rb_heap (1.1.0)
    securerandom (0.1.1)

PLATFORMS
  x86_64-linux

DEPENDENCIES
  jason-math!

BUNDLED WITH
   2.2.33
