GIT
  remote: https://github.com/jasoncolburne/jason-math
  revision: 9c19154b6594fd81f52068482f7f87cf4faada10
  branch: main
  specs:
    jason-math (0.1.0)
      rb_heap
      securerandom

GEM
  remote: https://rubygems.org/
  specs:
    rb_heap (1.1.0)
    securerandom (0.1.1)

PLATFORMS
  x86_64-linux

DEPENDENCIES
  jason-math!

BUNDLED WITH
   2.2.33
