GIT
  remote: https://github.com/jasoncolburne/jason-math
  revision: 1c5ed323939d9c8c9a5c4762353d795d8859edcf
  branch: main
  specs:
    jason-math (0.1.0)
      rb_heap
      securerandom

GEM
  remote: https://rubygems.org/
  specs:
    curses (1.4.2)
    rb_heap (1.1.0)
    securerandom (0.1.1)

PLATFORMS
  x86_64-linux

DEPENDENCIES
  curses
  jason-math!

BUNDLED WITH
   2.2.33
