GIT
  remote: https://github.com/jasoncolburne/jason-math
  revision: 9c7b8719c1aa17d3de4741fa167d2b0b82317d12
  branch: main
  specs:
    jason-math (0.1.0)
      rb_heap
      securerandom

GEM
  remote: https://rubygems.org/
  specs:
    rb_heap (1.1.0)
    securerandom (0.1.1)

PLATFORMS
  x86_64-linux

DEPENDENCIES
  jason-math!

BUNDLED WITH
   2.2.33
