GIT
  remote: https://github.com/jasoncolburne/jason-math
  revision: 3d26821f0086769e35f2150cc06f0784de29964d
  branch: main
  specs:
    jason-math (0.1.0)
      rb_heap
      securerandom

GEM
  remote: https://rubygems.org/
  specs:
    rb_heap (1.1.0)
    securerandom (0.1.1)

PLATFORMS
  x86_64-linux

DEPENDENCIES
  jason-math!

BUNDLED WITH
   2.2.33
