GIT
  remote: https://github.com/jasoncolburne/jason-math
  revision: 9bc0041bedf3f234bf3ce51a76425d92359238fe
  branch: main
  specs:
    jason-math (0.1.0)
      rb_heap
      securerandom

GEM
  remote: https://rubygems.org/
  specs:
    rb_heap (1.1.0)
    securerandom (0.1.1)

PLATFORMS
  x86_64-linux

DEPENDENCIES
  jason-math!

BUNDLED WITH
   2.2.33
